STORAGE: NONE
RESTRICTION: == net6.0
NUGET
  remote: https://api.nuget.org/v3/index.json
    Azure.Core (1.26)
      Microsoft.Bcl.AsyncInterfaces (>= 1.1.1)
      System.Diagnostics.DiagnosticSource (>= 4.6)
      System.Memory.Data (>= 1.0.2)
      System.Numerics.Vectors (>= 4.5)
      System.Text.Encodings.Web (>= 4.7.2)
      System.Text.Json (>= 4.7.2)
      System.Threading.Tasks.Extensions (>= 4.5.4)
    Azure.Identity (1.5)
      Azure.Core (>= 1.20)
      Microsoft.Identity.Client (>= 4.30.1)
      Microsoft.Identity.Client.Extensions.Msal (>= 2.18.4)
      System.Memory (>= 4.5.4)
      System.Security.Cryptography.ProtectedData (>= 4.5)
      System.Text.Json (>= 4.6)
      System.Threading.Tasks.Extensions (>= 4.5.4)
    DynamicObj (1.0.1)
      FSharp.Core (>= 5.0)
      Newtonsoft.Json (>= 13.0.1)
    Expecto (9.0.4)
      FSharp.Core (>= 4.6)
      Mono.Cecil (>= 0.11.3)
    Fable.AST (3.1.1)
    Fable.Browser.Blob (1.1.4)
      Fable.Core (>= 3.0)
      FSharp.Core (>= 4.7.2)
    Fable.Browser.Dom (2.9)
      Fable.Browser.Blob (>= 1.1.4)
      Fable.Browser.Event (>= 1.4.6)
      Fable.Browser.WebStorage (>= 1.0.4)
      Fable.Core (>= 3.2.8)
      FSharp.Core (>= 4.7.2)
    Fable.Browser.Event (1.4.6)
      Fable.Browser.Gamepad (>= 1.0.3)
      Fable.Core (>= 3.0)
      FSharp.Core (>= 4.7.2)
    Fable.Browser.Gamepad (1.0.3)
      Fable.Core (>= 3.0)
      FSharp.Core (>= 4.7.2)
    Fable.Browser.WebStorage (1.0.4)
      Fable.Browser.Event (>= 1.4.4)
      Fable.Core (>= 3.0)
      FSharp.Core (>= 4.7.2)
    Fable.Browser.XMLHttpRequest (1.1.6)
      Fable.Browser.Blob (>= 1.1.4)
      Fable.Browser.Event (>= 1.4.4)
      Fable.Core (>= 3.0)
      FSharp.Core (>= 4.7.2)
    Fable.Core (3.7.1)
    Fable.Elmish (3.1)
      Fable.Core (>= 3.0)
      FSharp.Core (>= 4.6.2)
    Fable.Elmish.Browser (3.0.4)
      Fable.Browser.Dom (>= 1.0)
      Fable.Core (>= 3.0)
      Fable.Elmish (>= 3.0)
      FSharp.Core (>= 4.6.2)
    Fable.Elmish.Debugger (3.3)
      Fable.Core (>= 3.2.8)
      Fable.Elmish (>= 3.0)
      FSharp.Core (>= 4.7.2)
      Thoth.Json (>= 6.0)
    Fable.Elmish.HMR (5.2)
      Fable.Core (>= 3.0)
      Fable.Elmish.Browser (>= 3.0.4)
      Fable.Elmish.React (>= 3.0.1)
      FSharp.Core (>= 4.7.2)
    Fable.Elmish.React (3.0.1)
      Fable.Core (>= 3.0)
      Fable.Elmish (>= 3.0)
      Fable.React (>= 5.1)
      FSharp.Core (>= 4.6.2)
    Fable.FontAwesome (2.0)
      Fable.Core (>= 3.0)
      Fable.React (>= 5.1)
    Fable.FontAwesome.Free (2.1)
      Fable.Core (>= 3.0)
      Fable.FontAwesome (>= 2.0)
      Fable.React (>= 5.1)
    Fable.Mocha (2.15)
      Fable.Core (>= 3.0)
      FSharp.Core (>= 4.7)
    Fable.Parsimmon (4.1)
      Fable.Core (>= 3.0)
      FSharp.Core (>= 4.6.2)
    Fable.Promise (2.2.2)
      Fable.Core (>= 3.1.5)
      FSharp.Core (>= 4.7.2)
    Fable.React (9.1)
      Fable.React.Types (>= 18.1)
      Fable.ReactDom.Types (>= 18.0)
      FSharp.Core (>= 4.7.2)
    Fable.React.Types (18.1)
      Fable.Browser.Dom (>= 2.4.4)
      Fable.Core (>= 3.2.7)
      FSharp.Core (>= 4.7.2)
    Fable.ReactDom.Types (18.0)
      Fable.React.Types (>= 18.1)
      FSharp.Core (>= 4.7.2)
    Fable.Remoting.Client (7.24)
      Fable.Browser.XMLHttpRequest (>= 1.0)
      Fable.Core (>= 3.1.5)
      Fable.Remoting.MsgPack (>= 1.18)
      Fable.SimpleJson (>= 3.24)
      FSharp.Core (>= 4.7.2)
    Fable.Remoting.Giraffe (5.14)
      Fable.Remoting.Server (>= 5.32)
      FSharp.Core (>= 6.0)
      Giraffe (>= 5.0)
      Microsoft.IO.RecyclableMemoryStream (>= 2.2)
    Fable.Remoting.Json (2.21)
      FSharp.Core (>= 4.7.2)
      Newtonsoft.Json (>= 12.0.2)
    Fable.Remoting.MsgPack (1.18)
      FSharp.Core (>= 4.7.2)
    Fable.Remoting.Server (5.32)
      Fable.Remoting.Json (>= 2.21)
      Fable.Remoting.MsgPack (>= 1.18)
      FSharp.Core (>= 6.0)
      Microsoft.IO.RecyclableMemoryStream (>= 2.2)
    Fable.SimpleJson (3.24)
      Fable.Core (>= 3.1.5)
      Fable.Parsimmon (>= 4.0)
      FSharp.Core (>= 4.7)
    Fake.Core.CommandLineParsing (5.23.1)
      FParsec (>= 1.1.1)
      FSharp.Core (>= 6.0)
    Fake.Core.Context (5.23.1)
      FSharp.Core (>= 6.0)
    Fake.Core.Environment (5.23.1)
      FSharp.Core (>= 6.0)
    Fake.Core.FakeVar (5.23.1)
      Fake.Core.Context (>= 5.23.1)
      FSharp.Core (>= 6.0)
    Fake.Core.Process (5.23.1)
      Fake.Core.Environment (>= 5.23.1)
      Fake.Core.FakeVar (>= 5.23.1)
      Fake.Core.String (>= 5.23.1)
      Fake.Core.Trace (>= 5.23.1)
      Fake.IO.FileSystem (>= 5.23.1)
      FSharp.Core (>= 6.0)
      System.Collections.Immutable (>= 5.0)
    Fake.Core.String (5.23.1)
      FSharp.Core (>= 6.0)
    Fake.Core.Target (5.23.1)
      Fake.Core.CommandLineParsing (>= 5.23.1)
      Fake.Core.Context (>= 5.23.1)
      Fake.Core.Environment (>= 5.23.1)
      Fake.Core.FakeVar (>= 5.23.1)
      Fake.Core.Process (>= 5.23.1)
      Fake.Core.String (>= 5.23.1)
      Fake.Core.Trace (>= 5.23.1)
      FSharp.Control.Reactive (>= 5.0.2)
      FSharp.Core (>= 6.0)
    Fake.Core.Trace (5.23.1)
      Fake.Core.Environment (>= 5.23.1)
      Fake.Core.FakeVar (>= 5.23.1)
      FSharp.Core (>= 6.0)
    Fake.IO.FileSystem (5.23.1)
      Fake.Core.String (>= 5.23.1)
      FSharp.Core (>= 6.0)
    Feliz (1.68)
      Fable.Core (>= 3.1.5)
      Fable.React (>= 7.4)
      Feliz.CompilerPlugins (>= 1.10)
      FSharp.Core (>= 4.7.2)
    Feliz.Bulma (2.19)
      Feliz (>= 1.32)
      FSharp.Core (>= 4.7.2)
    Feliz.Bulma.Checkradio (2.0)
      Feliz (>= 1.32)
      Feliz.Bulma (>= 2.8.1)
      FSharp.Core (>= 5.0)
    Feliz.CompilerPlugins (1.10)
      Fable.AST (>= 3.0)
      FSharp.Core (>= 4.7.2)
    Feliz.SweetAlert (2.8)
      Fable.Core (>= 3.1.5 < 4.0)
      Fable.Elmish.React (>= 3.0.1 < 4.0)
      Fable.Promise (>= 2.1 < 3.0)
      Feliz (>= 1.5 < 2.0)
      FSharp.Core (>= 4.7.2)
    FParsec (1.1.1)
      FSharp.Core (>= 4.3.4)
    FSharp.Control.Reactive (5.0.2)
      FSharp.Core (>= 4.7.2)
      System.Reactive (>= 5.0)
    FSharp.Control.Websockets (0.2.2)
      FSharp.Core (>= 4.3.4)
      Microsoft.IO.RecyclableMemoryStream (>= 1.2.2)
    FSharp.Core (7.0)
    Fulma (2.16)
      Fable.Core (>= 3.2.6)
      Fable.React (>= 7.4)
    Giraffe (5.0)
      FSharp.Core (>= 5.0)
      Giraffe.ViewEngine (>= 1.3)
      Microsoft.IO.RecyclableMemoryStream (>= 1.3.6)
      Newtonsoft.Json (>= 12.0.3)
      Ply (>= 0.3.1)
      System.Text.Json (>= 5.0.2)
      Utf8Json (>= 1.3.7)
    Giraffe.ViewEngine (1.4)
      FSharp.Core (>= 5.0)
    Microsoft.AspNetCore.Authentication.JwtBearer (5.0.13)
      Microsoft.IdentityModel.Protocols.OpenIdConnect (>= 6.7.1)
    Microsoft.Bcl.AsyncInterfaces (6.0)
    Microsoft.CSharp (4.7)
    Microsoft.Graph (4.47)
      Microsoft.Graph.Core (>= 2.0.14)
    Microsoft.Graph.Core (2.0.14)
      Azure.Core (>= 1.25)
      Microsoft.Identity.Client (>= 4.47.2)
      Microsoft.IdentityModel.Protocols.OpenIdConnect (>= 6.23.1)
      System.Diagnostics.DiagnosticSource (>= 4.7.1)
      System.Net.Http (>= 4.3.4)
      System.Security.Claims (>= 4.3)
      System.Text.Json (>= 6.0.6)
    Microsoft.Identity.Client (4.48)
      Microsoft.IdentityModel.Abstractions (>= 6.22)
    Microsoft.Identity.Client.Extensions.Msal (2.19.5)
      Microsoft.Identity.Client (>= 4.41)
      System.Security.Cryptography.ProtectedData (>= 4.5)
    Microsoft.IdentityModel.Abstractions (6.25)
    Microsoft.IdentityModel.JsonWebTokens (6.25)
      Microsoft.IdentityModel.Tokens (>= 6.25)
      System.Text.Encoding (>= 4.3)
      System.Text.Json (>= 4.7.2)
    Microsoft.IdentityModel.Logging (6.25)
      Microsoft.IdentityModel.Abstractions (>= 6.25)
    Microsoft.IdentityModel.Protocols (6.25)
      Microsoft.IdentityModel.Logging (>= 6.25)
      Microsoft.IdentityModel.Tokens (>= 6.25)
    Microsoft.IdentityModel.Protocols.OpenIdConnect (6.25)
      Microsoft.IdentityModel.Protocols (>= 6.25)
      System.IdentityModel.Tokens.Jwt (>= 6.25)
    Microsoft.IdentityModel.Tokens (6.25)
      Microsoft.CSharp (>= 4.5)
      Microsoft.IdentityModel.Logging (>= 6.25)
      System.Security.Cryptography.Cng (>= 4.5)
    Microsoft.IO.RecyclableMemoryStream (2.2)
    Microsoft.NETCore.Platforms (6.0.1)
    Microsoft.NETCore.Targets (5.0)
    Mono.Cecil (0.11.4)
    Newtonsoft.Json (13.0.1)
    Ply (0.3.1)
      FSharp.Core (>= 4.6.2)
      System.Threading.Tasks.Extensions (>= 4.5.4)
    runtime.debian.8-x64.runtime.native.System.Security.Cryptography.OpenSsl (4.3.3)
    runtime.debian.9-x64.runtime.native.System.Security.Cryptography.OpenSsl (4.3.3)
    runtime.fedora.23-x64.runtime.native.System.Security.Cryptography.OpenSsl (4.3.3)
    runtime.fedora.24-x64.runtime.native.System.Security.Cryptography.OpenSsl (4.3.3)
    runtime.fedora.27-x64.runtime.native.System.Security.Cryptography.OpenSsl (4.3.3)
    runtime.fedora.28-x64.runtime.native.System.Security.Cryptography.OpenSsl (4.3.3)
    runtime.native.System (4.3.1)
      Microsoft.NETCore.Platforms (>= 1.1.1)
      Microsoft.NETCore.Targets (>= 1.1.3)
    runtime.native.System.Net.Http (4.3.1)
      Microsoft.NETCore.Platforms (>= 1.1.1)
      Microsoft.NETCore.Targets (>= 1.1.3)
    runtime.native.System.Security.Cryptography.Apple (4.3.1)
      runtime.osx.10.10-x64.runtime.native.System.Security.Cryptography.Apple (>= 4.3.1)
    runtime.native.System.Security.Cryptography.OpenSsl (4.3.3)
      runtime.debian.8-x64.runtime.native.System.Security.Cryptography.OpenSsl (>= 4.3.3)
      runtime.debian.9-x64.runtime.native.System.Security.Cryptography.OpenSsl (>= 4.3.3)
      runtime.fedora.23-x64.runtime.native.System.Security.Cryptography.OpenSsl (>= 4.3.3)
      runtime.fedora.24-x64.runtime.native.System.Security.Cryptography.OpenSsl (>= 4.3.3)
      runtime.fedora.27-x64.runtime.native.System.Security.Cryptography.OpenSsl (>= 4.3.3)
      runtime.fedora.28-x64.runtime.native.System.Security.Cryptography.OpenSsl (>= 4.3.3)
      runtime.opensuse.13.2-x64.runtime.native.System.Security.Cryptography.OpenSsl (>= 4.3.3)
      runtime.opensuse.42.1-x64.runtime.native.System.Security.Cryptography.OpenSsl (>= 4.3.3)
      runtime.opensuse.42.3-x64.runtime.native.System.Security.Cryptography.OpenSsl (>= 4.3.3)
      runtime.osx.10.10-x64.runtime.native.System.Security.Cryptography.OpenSsl (>= 4.3.3)
      runtime.rhel.7-x64.runtime.native.System.Security.Cryptography.OpenSsl (>= 4.3.3)
      runtime.ubuntu.14.04-x64.runtime.native.System.Security.Cryptography.OpenSsl (>= 4.3.3)
      runtime.ubuntu.16.04-x64.runtime.native.System.Security.Cryptography.OpenSsl (>= 4.3.3)
      runtime.ubuntu.16.10-x64.runtime.native.System.Security.Cryptography.OpenSsl (>= 4.3.3)
      runtime.ubuntu.18.04-x64.runtime.native.System.Security.Cryptography.OpenSsl (>= 4.3.3)
    runtime.opensuse.13.2-x64.runtime.native.System.Security.Cryptography.OpenSsl (4.3.3)
    runtime.opensuse.42.1-x64.runtime.native.System.Security.Cryptography.OpenSsl (4.3.3)
    runtime.opensuse.42.3-x64.runtime.native.System.Security.Cryptography.OpenSsl (4.3.3)
    runtime.osx.10.10-x64.runtime.native.System.Security.Cryptography.Apple (4.3.1)
    runtime.osx.10.10-x64.runtime.native.System.Security.Cryptography.OpenSsl (4.3.3)
    runtime.rhel.7-x64.runtime.native.System.Security.Cryptography.OpenSsl (4.3.3)
    runtime.ubuntu.14.04-x64.runtime.native.System.Security.Cryptography.OpenSsl (4.3.3)
    runtime.ubuntu.16.04-x64.runtime.native.System.Security.Cryptography.OpenSsl (4.3.3)
    runtime.ubuntu.16.10-x64.runtime.native.System.Security.Cryptography.OpenSsl (4.3.3)
    runtime.ubuntu.18.04-x64.runtime.native.System.Security.Cryptography.OpenSsl (4.3.3)
    Saturn (0.15)
      FSharp.Control.Websockets (>= 0.2.2)
      FSharp.Core (>= 5.0.1)
      Giraffe (>= 5.0)
      Microsoft.AspNetCore.Authentication.JwtBearer (>= 5.0.7)
    SixLabors.Fonts (1.0.0-beta16)
    SixLabors.ImageSharp (2.0)
      System.Runtime.CompilerServices.Unsafe (>= 5.0)
      System.Text.Encoding.CodePages (>= 5.0)
    SixLabors.ImageSharp.Drawing (1.0.0-beta14)
      SixLabors.Fonts (>= 1.0.0-beta16)
      SixLabors.ImageSharp (>= 2.0)
    System.Collections (4.3)
      Microsoft.NETCore.Platforms (>= 1.1)
      Microsoft.NETCore.Targets (>= 1.1)
      System.Runtime (>= 4.3)
    System.Collections.Concurrent (4.3)
      System.Collections (>= 4.3)
      System.Diagnostics.Debug (>= 4.3)
      System.Diagnostics.Tracing (>= 4.3)
      System.Globalization (>= 4.3)
      System.Reflection (>= 4.3)
      System.Resources.ResourceManager (>= 4.3)
      System.Runtime (>= 4.3)
      System.Runtime.Extensions (>= 4.3)
      System.Threading (>= 4.3)
      System.Threading.Tasks (>= 4.3)
    System.Collections.Immutable (6.0)
      System.Runtime.CompilerServices.Unsafe (>= 6.0)
    System.Diagnostics.Debug (4.3)
      Microsoft.NETCore.Platforms (>= 1.1)
      Microsoft.NETCore.Targets (>= 1.1)
      System.Runtime (>= 4.3)
    System.Diagnostics.DiagnosticSource (6.0)
      System.Runtime.CompilerServices.Unsafe (>= 6.0)
    System.Diagnostics.Tracing (4.3)
      Microsoft.NETCore.Platforms (>= 1.1)
      Microsoft.NETCore.Targets (>= 1.1)
      System.Runtime (>= 4.3)
    System.Formats.Asn1 (6.0)
    System.Globalization (4.3)
      Microsoft.NETCore.Platforms (>= 1.1)
      Microsoft.NETCore.Targets (>= 1.1)
      System.Runtime (>= 4.3)
    System.Globalization.Calendars (4.3)
      Microsoft.NETCore.Platforms (>= 1.1)
      Microsoft.NETCore.Targets (>= 1.1)
      System.Globalization (>= 4.3)
      System.Runtime (>= 4.3)
    System.Globalization.Extensions (4.3)
      Microsoft.NETCore.Platforms (>= 1.1)
      System.Globalization (>= 4.3)
      System.Resources.ResourceManager (>= 4.3)
      System.Runtime (>= 4.3)
      System.Runtime.Extensions (>= 4.3)
      System.Runtime.InteropServices (>= 4.3)
    System.IdentityModel.Tokens.Jwt (6.25)
      Microsoft.IdentityModel.JsonWebTokens (>= 6.25)
      Microsoft.IdentityModel.Tokens (>= 6.25)
    System.IO (4.3)
      Microsoft.NETCore.Platforms (>= 1.1)
      Microsoft.NETCore.Targets (>= 1.1)
      System.Runtime (>= 4.3)
      System.Text.Encoding (>= 4.3)
      System.Threading.Tasks (>= 4.3)
    System.IO.FileSystem (4.3)
      Microsoft.NETCore.Platforms (>= 1.1)
      Microsoft.NETCore.Targets (>= 1.1)
      System.IO (>= 4.3)
      System.IO.FileSystem.Primitives (>= 4.3)
      System.Runtime (>= 4.3)
      System.Runtime.Handles (>= 4.3)
      System.Text.Encoding (>= 4.3)
      System.Threading.Tasks (>= 4.3)
    System.IO.FileSystem.Primitives (4.3)
      System.Runtime (>= 4.3)
    System.Linq (4.3)
      System.Collections (>= 4.3)
      System.Diagnostics.Debug (>= 4.3)
      System.Resources.ResourceManager (>= 4.3)
      System.Runtime (>= 4.3)
      System.Runtime.Extensions (>= 4.3)
    System.Memory (4.5.4)
    System.Memory.Data (6.0)
      System.Text.Json (>= 6.0)
    System.Net.Http (4.3.4)
      Microsoft.NETCore.Platforms (>= 1.1.1)
      runtime.native.System (>= 4.3)
      runtime.native.System.Net.Http (>= 4.3)
      runtime.native.System.Security.Cryptography.OpenSsl (>= 4.3.2)
      System.Collections (>= 4.3)
      System.Diagnostics.Debug (>= 4.3)
      System.Diagnostics.DiagnosticSource (>= 4.3)
      System.Diagnostics.Tracing (>= 4.3)
      System.Globalization (>= 4.3)
      System.Globalization.Extensions (>= 4.3)
      System.IO (>= 4.3)
      System.IO.FileSystem (>= 4.3)
      System.Net.Primitives (>= 4.3)
      System.Resources.ResourceManager (>= 4.3)
      System.Runtime (>= 4.3)
      System.Runtime.Extensions (>= 4.3)
      System.Runtime.Handles (>= 4.3)
      System.Runtime.InteropServices (>= 4.3)
      System.Security.Cryptography.Algorithms (>= 4.3)
      System.Security.Cryptography.Encoding (>= 4.3)
      System.Security.Cryptography.OpenSsl (>= 4.3)
      System.Security.Cryptography.Primitives (>= 4.3)
      System.Security.Cryptography.X509Certificates (>= 4.3)
      System.Text.Encoding (>= 4.3)
      System.Threading (>= 4.3)
      System.Threading.Tasks (>= 4.3)
    System.Net.Primitives (4.3.1)
      Microsoft.NETCore.Platforms (>= 1.1.1)
      Microsoft.NETCore.Targets (>= 1.1.3)
      System.Runtime (>= 4.3.1)
      System.Runtime.Handles (>= 4.3)
    System.Numerics.Vectors (4.5)
    System.Reactive (5.0)
    System.Reflection (4.3)
      Microsoft.NETCore.Platforms (>= 1.1)
      Microsoft.NETCore.Targets (>= 1.1)
      System.IO (>= 4.3)
      System.Reflection.Primitives (>= 4.3)
      System.Runtime (>= 4.3)
    System.Reflection.Emit (4.7)
    System.Reflection.Emit.Lightweight (4.7)
    System.Reflection.Primitives (4.3)
      Microsoft.NETCore.Platforms (>= 1.1)
      Microsoft.NETCore.Targets (>= 1.1)
      System.Runtime (>= 4.3)
    System.Resources.ResourceManager (4.3)
      Microsoft.NETCore.Platforms (>= 1.1)
      Microsoft.NETCore.Targets (>= 1.1)
      System.Globalization (>= 4.3)
      System.Reflection (>= 4.3)
      System.Runtime (>= 4.3)
    System.Runtime (4.3.1)
      Microsoft.NETCore.Platforms (>= 1.1.1)
      Microsoft.NETCore.Targets (>= 1.1.3)
    System.Runtime.CompilerServices.Unsafe (6.0)
    System.Runtime.Extensions (4.3.1)
      Microsoft.NETCore.Platforms (>= 1.1.1)
      Microsoft.NETCore.Targets (>= 1.1.3)
      System.Runtime (>= 4.3.1)
    System.Runtime.Handles (4.3)
      Microsoft.NETCore.Platforms (>= 1.1)
      Microsoft.NETCore.Targets (>= 1.1)
      System.Runtime (>= 4.3)
    System.Runtime.InteropServices (4.3)
      Microsoft.NETCore.Platforms (>= 1.1)
      Microsoft.NETCore.Targets (>= 1.1)
      System.Reflection (>= 4.3)
      System.Reflection.Primitives (>= 4.3)
      System.Runtime (>= 4.3)
      System.Runtime.Handles (>= 4.3)
    System.Runtime.Numerics (4.3)
      System.Globalization (>= 4.3)
      System.Resources.ResourceManager (>= 4.3)
      System.Runtime (>= 4.3)
      System.Runtime.Extensions (>= 4.3)
    System.Security.Claims (4.3)
      System.Collections (>= 4.3)
      System.Globalization (>= 4.3)
      System.IO (>= 4.3)
      System.Resources.ResourceManager (>= 4.3)
      System.Runtime (>= 4.3)
      System.Runtime.Extensions (>= 4.3)
      System.Security.Principal (>= 4.3)
    System.Security.Cryptography.Algorithms (4.3.1)
      Microsoft.NETCore.Platforms (>= 1.1)
      runtime.native.System.Security.Cryptography.Apple (>= 4.3.1)
      runtime.native.System.Security.Cryptography.OpenSsl (>= 4.3.2)
      System.Collections (>= 4.3)
      System.IO (>= 4.3)
      System.Resources.ResourceManager (>= 4.3)
      System.Runtime (>= 4.3)
      System.Runtime.Extensions (>= 4.3)
      System.Runtime.Handles (>= 4.3)
      System.Runtime.InteropServices (>= 4.3)
      System.Runtime.Numerics (>= 4.3)
      System.Security.Cryptography.Encoding (>= 4.3)
      System.Security.Cryptography.Primitives (>= 4.3)
      System.Text.Encoding (>= 4.3)
    System.Security.Cryptography.Cng (5.0)
      System.Formats.Asn1 (>= 5.0)
    System.Security.Cryptography.Csp (4.3)
      Microsoft.NETCore.Platforms (>= 1.1)
      System.IO (>= 4.3)
      System.Reflection (>= 4.3)
      System.Resources.ResourceManager (>= 4.3)
      System.Runtime (>= 4.3)
      System.Runtime.Extensions (>= 4.3)
      System.Runtime.Handles (>= 4.3)
      System.Runtime.InteropServices (>= 4.3)
      System.Security.Cryptography.Algorithms (>= 4.3)
      System.Security.Cryptography.Encoding (>= 4.3)
      System.Security.Cryptography.Primitives (>= 4.3)
      System.Text.Encoding (>= 4.3)
      System.Threading (>= 4.3)
    System.Security.Cryptography.Encoding (4.3)
      Microsoft.NETCore.Platforms (>= 1.1)
      runtime.native.System.Security.Cryptography.OpenSsl (>= 4.3)
      System.Collections (>= 4.3)
      System.Collections.Concurrent (>= 4.3)
      System.Linq (>= 4.3)
      System.Resources.ResourceManager (>= 4.3)
      System.Runtime (>= 4.3)
      System.Runtime.Extensions (>= 4.3)
      System.Runtime.Handles (>= 4.3)
      System.Runtime.InteropServices (>= 4.3)
      System.Security.Cryptography.Primitives (>= 4.3)
      System.Text.Encoding (>= 4.3)
    System.Security.Cryptography.OpenSsl (5.0)
      System.Formats.Asn1 (>= 5.0)
    System.Security.Cryptography.Primitives (4.3)
      System.Diagnostics.Debug (>= 4.3)
      System.Globalization (>= 4.3)
      System.IO (>= 4.3)
      System.Resources.ResourceManager (>= 4.3)
      System.Runtime (>= 4.3)
      System.Threading (>= 4.3)
      System.Threading.Tasks (>= 4.3)
    System.Security.Cryptography.ProtectedData (6.0)
    System.Security.Cryptography.X509Certificates (4.3.2)
      Microsoft.NETCore.Platforms (>= 1.1)
      runtime.native.System (>= 4.3)
      runtime.native.System.Net.Http (>= 4.3)
      runtime.native.System.Security.Cryptography.OpenSsl (>= 4.3.2)
      System.Collections (>= 4.3)
      System.Diagnostics.Debug (>= 4.3)
      System.Globalization (>= 4.3)
      System.Globalization.Calendars (>= 4.3)
      System.IO (>= 4.3)
      System.IO.FileSystem (>= 4.3)
      System.IO.FileSystem.Primitives (>= 4.3)
      System.Resources.ResourceManager (>= 4.3)
      System.Runtime (>= 4.3)
      System.Runtime.Extensions (>= 4.3)
      System.Runtime.Handles (>= 4.3)
      System.Runtime.InteropServices (>= 4.3)
      System.Runtime.Numerics (>= 4.3)
      System.Security.Cryptography.Algorithms (>= 4.3)
      System.Security.Cryptography.Cng (>= 4.3)
      System.Security.Cryptography.Csp (>= 4.3)
      System.Security.Cryptography.Encoding (>= 4.3)
      System.Security.Cryptography.OpenSsl (>= 4.3)
      System.Security.Cryptography.Primitives (>= 4.3)
      System.Text.Encoding (>= 4.3)
      System.Threading (>= 4.3)
    System.Security.Principal (4.3)
      System.Runtime (>= 4.3)
    System.Text.Encoding (4.3)
      Microsoft.NETCore.Platforms (>= 1.1)
      Microsoft.NETCore.Targets (>= 1.1)
      System.Runtime (>= 4.3)
    System.Text.Encoding.CodePages (6.0)
      System.Runtime.CompilerServices.Unsafe (>= 6.0)
    System.Text.Encodings.Web (7.0)
      System.Runtime.CompilerServices.Unsafe (>= 6.0)
    System.Text.Json (7.0)
      System.Runtime.CompilerServices.Unsafe (>= 6.0)
      System.Text.Encodings.Web (>= 7.0)
    System.Threading (4.3)
      System.Runtime (>= 4.3)
      System.Threading.Tasks (>= 4.3)
    System.Threading.Tasks (4.3)
      Microsoft.NETCore.Platforms (>= 1.1)
      Microsoft.NETCore.Targets (>= 1.1)
      System.Runtime (>= 4.3)
    System.Threading.Tasks.Extensions (4.5.4)
    System.ValueTuple (4.5)
    Thoth.Json (7.0)
      Fable.Core (>= 3.1.6)
      FSharp.Core (>= 4.7.2)
    Utf8Json (1.3.7)
      System.Reflection.Emit (>= 4.3)
      System.Reflection.Emit.Lightweight (>= 4.3)
      System.Threading.Tasks.Extensions (>= 4.4)
      System.ValueTuple (>= 4.4)
